GEM
  remote: https://rubygems.org/
  specs:
    activesupport (5.1.2)
      concurrent-ruby (~> 1.0, >= 1.0.2)
      i18n (~> 0.7)
      minitest (~> 5.1)
      tzinfo (~> 1.1)
    ansi (1.5.0)
    asciidoctor (1.5.6.1)
    asciidoctor-bibtex (0.3.0)
      bibtex-ruby (~> 4)
      citeproc-ruby (~> 1)
      csl-styles (~> 1)
      latex-decode (~> 0.2)
    ast (2.3.0)
    bibtex-ruby (4.4.4)
      latex-decode (~> 0.0)
    byebug (9.0.6)
    chunky_png (1.3.8)
    citeproc (1.0.5)
      namae (~> 0.8)
    citeproc-ruby (1.1.7)
      citeproc (>= 1.0.4, < 2.0)
      csl (~> 1.4)
    coderay (1.1.1)
    compass (1.0.3)
      chunky_png (~> 1.2)
      compass-core (~> 1.0.2)
      compass-import-once (~> 1.0.5)
      rb-fsevent (>= 0.9.3)
      rb-inotify (>= 0.9)
      sass (>= 3.3.13, < 3.5)
    compass-core (1.0.3)
      multi_json (~> 1.0)
      sass (>= 3.3.0, < 3.5)
    compass-import-once (1.0.5)
      sass (>= 3.2, < 3.5)
    concurrent-ruby (1.0.5)
    csl (1.4.5)
      namae (~> 0.7)
    csl-styles (1.0.1.8)
      csl (~> 1.0)
    deterministic (0.16.0)
    fetcher (0.4.5)
      logutils (>= 0.6)
    ffi (1.9.18)
    formatador (0.2.5)
    gli (2.16.0)
    guard (2.12.9)
      formatador (>= 0.2.4)
      listen (>= 2.7, <= 4.0)
      lumberjack (~> 1.0)
      nenv (~> 0.1)
      notiffany (~> 0.0)
      pry (>= 0.9.12)
      shellany (~> 0.0)
      thor (>= 0.18.1)
    guard-compat (1.2.1)
    guard-remote-sync (0.1.0)
      guard (~> 2.12.4)
      guard-compat (~> 1.0)
    guard-yield (0.1.0)
      guard-compat (~> 1.0)
    haml (5.0.1)
      temple (>= 0.8.0)
      tilt
    i18n (0.8.6)
    iniparser (0.1.0)
    kramdown (1.14.0)
    latex-decode (0.2.2)
      unicode (~> 0.4)
    liquid (4.0.0)
    listen (3.1.5)
      rb-fsevent (~> 0.9, >= 0.9.4)
      rb-inotify (~> 0.9, >= 0.9.7)
      ruby_dep (~> 1.2)
    logutils (0.6.1)
    lumberjack (1.0.12)
    method_source (0.8.2)
    minitest (5.10.3)
    multi_json (1.12.1)
    mustache (1.0.5)
    namae (0.11.3)
    nenv (0.3.0)
    notiffany (0.1.1)
      nenv (~> 0.1)
      shellany (~> 0.0)
    oga (2.10)
      ast
      ruby-ll (~> 2.1)
    pakman (0.7.0)
      fetcher (>= 0.4.5)
      liquid (>= 3.0.6)
      logutils (>= 0.6.1)
    props (1.2.0)
      iniparser (>= 0.1.0)
    pry (0.10.4)
      coderay (~> 1.1.0)
      method_source (~> 0.8.1)
      slop (~> 3.4)
    pry-byebug (3.4.2)
      byebug (~> 9.0)
      pry (~> 0.10)
    rb-fsevent (0.10.2)
    rb-inotify (0.9.10)
      ffi (>= 0.5.0, < 2)
    ruby-ll (2.1.2)
      ansi
      ast
    ruby_dep (1.5.0)
    rubyzip (1.2.1)
    sass (3.4.25)
    shellany (0.0.1)
    slideshow (3.1.0)
      gli (>= 2.13.4)
      slideshow-models (>= 3.1.0)
      slideshow-templates (>= 3.0.0)
    slideshow-models (3.3.0)
      activesupport
      kramdown (>= 1.10.0)
      logutils (>= 0.6.1)
      pakman (>= 0.7.0)
      props (>= 1.1.2)
      textutils (>= 0.10.0)
    slideshow-templates (3.0.0)
    slim (3.0.8)
      temple (>= 0.7.6, < 0.9)
      tilt (>= 1.3.3, < 2.1)
    slop (3.6.0)
    temple (0.8.0)
    textutils (1.4.0)
      activesupport
      logutils (>= 0.6.1)
      props (>= 1.1.2)
      rubyzip (>= 1.0.0)
    thor (0.19.4)
    thread_safe (0.3.6)
    tilt (2.0.8)
    tzinfo (1.2.3)
      thread_safe (~> 0.1)
    unicode (0.4.4.4)
    zurb-foundation (4.3.2)
      sass (>= 3.2.0)

PLATFORMS
  ruby

DEPENDENCIES
  asciidoctor
  asciidoctor-bibtex
  compass
  deterministic
  guard
  guard-remote-sync
  guard-yield
  haml
  mustache
  oga
  pry
  pry-byebug
  slideshow
  slim
  thor
  thread_safe
  tilt
  zurb-foundation

BUNDLED WITH
   1.13.7
